GEM
  remote: https://rubygems.org/
  specs:

PLATFORMS
  arm64-darwin-22
  arm64-darwin-23

DEPENDENCIES
  bundler (= 2.4.22)

BUNDLED WITH
   2.4.22
